PATH
  remote: /Users/paul/Sites/gems/jaysus/jaysus
  specs:
    jaysus (0.1.3)
      activemodel (~> 3.0.0)
      activesupport (~> 3.0.0)
      rest-client (~> 1.6.1)

GEM
  remote: http://rubygems.org/
  specs:
    activemodel (3.0.3)
      activesupport (= 3.0.3)
      builder (~> 2.1.2)
      i18n (~> 0.4)
    activesupport (3.0.3)
    addressable (2.2.3)
    builder (2.1.2)
    crack (0.1.8)
    diff-lcs (1.1.2)
    git (1.2.5)
    highline (1.6.1)
    i18n (0.5.0)
    jeweler (1.5.2)
      bundler (~> 1.0.0)
      git (>= 1.2.5)
      rake
    mime-types (1.16)
    rake (0.8.7)
    rcov (0.9.9)
    rest-client (1.6.1)
      mime-types (>= 1.16)
    rspec (2.3.0)
      rspec-core (~> 2.3.0)
      rspec-expectations (~> 2.3.0)
      rspec-mocks (~> 2.3.0)
    rspec-core (2.3.1)
    rspec-expectations (2.3.0)
      diff-lcs (~> 1.1.2)
    rspec-mocks (2.3.0)
    thor (0.14.6)
    vcr (1.5.1)
    webmock (1.6.2)
      addressable (>= 2.2.2)
      crack (>= 0.1.7)

PLATFORMS
  ruby

DEPENDENCIES
  bundler (~> 1.0.0)
  highline
  jaysus!
  jeweler (~> 1.5.2)
  rcov
  rspec (~> 2.3.0)
  thor
  vcr (= 1.5.1)
  webmock (= 1.6.2)
